GEM
  remote: https://rubygems.org/
  specs:
    asciidoctor (0.1.4)
    coderay (1.0.9)
    rake (10.1.0)
    tilt (1.4.1)

PLATFORMS
  ruby

DEPENDENCIES
  asciidoctor (>= 0.1.4)
  coderay (= 1.0.9)
  rake (>= 0.9.2)
  tilt
